GEM
  remote: https://rubygems.org/
  specs:
    activemodel (4.2.3)
      activesupport (= 4.2.3)
      builder (~> 3.1)
    activesupport (4.2.3)
      i18n (~> 0.7)
      json (~> 1.7, >= 1.7.7)
      minitest (~> 5.1)
      thread_safe (~> 0.3, >= 0.3.4)
      tzinfo (~> 1.1)
    builder (3.2.2)
    byebug (4.0.5)
      columnize (= 0.9.0)
    carrierwave (0.10.0)
      activemodel (>= 3.2.0)
      activesupport (>= 3.2.0)
      json (>= 1.7)
      mime-types (>= 1.16)
    carrierwave-sequel (0.1.0)
      carrierwave
      sequel
    coderay (1.1.0)
    columnize (0.9.0)
    haml (4.0.6)
      tilt
    i18n (0.7.0)
    json (1.8.3)
    method_source (0.8.2)
    mime-types (2.6.1)
    minitest (5.7.0)
    pry (0.10.1)
      coderay (~> 1.1.0)
      method_source (~> 0.8.1)
      slop (~> 3.4)
    pry-byebug (3.1.0)
      byebug (~> 4.0)
      pry (~> 0.10)
    puma (2.11.3)
      rack (>= 1.1, < 2.0)
    rack (1.6.4)
    rack-protection (1.5.3)
      rack
    rmagick (2.15.2)
    sequel (4.24.0)
    sinatra (1.4.6)
      rack (~> 1.4)
      rack-protection (~> 1.4)
      tilt (>= 1.3, < 3)
    slop (3.6.0)
    sqlite3 (1.3.10)
    thread_safe (0.3.5)
    tilt (2.0.1)
    time_ago_in_words (0.1.1)
    tzinfo (1.2.2)
      thread_safe (~> 0.1)

PLATFORMS
  ruby

DEPENDENCIES
  carrierwave
  carrierwave-sequel
  haml
  pry-byebug
  puma
  rmagick
  sequel
  sinatra
  sqlite3
  time_ago_in_words

BUNDLED WITH
   1.10.5
